GEM
  remote: http://rubygems.org/
  specs:
    eventmachine (1.0.9.1)
    jaro_winkler (1.3.7)
    roma (1.3.0)
      eventmachine (~> 1.0.0)
      jaro_winkler (~> 1.3.5)

PLATFORMS
  ruby

DEPENDENCIES
  roma

BUNDLED WITH
   1.11.2
